GEM
  remote: http://rubygems.org/
  specs:
    daemons (1.1.9)
    eventmachine (1.0.3)
    execjs (2.0.2)
    haml (4.0.4)
      tilt
    json (1.8.1)
    minitest (5.0.8)
    rack (1.5.2)
    rack-protection (1.5.1)
      rack
    rack-test (0.6.2)
      rack (>= 1.0)
    sinatra (1.4.4)
      rack (~> 1.4)
      rack-protection (~> 1.4)
      tilt (~> 1.3, >= 1.3.4)
    thin (1.6.1)
      daemons (>= 1.0.9)
      eventmachine (>= 1.0.0)
      rack (>= 1.0.0)
    tilt (1.4.1)
    uglifier (2.3.1)
      execjs (>= 0.3.0)
      json (>= 1.8.0)

PLATFORMS
  ruby

DEPENDENCIES
  haml
  minitest
  rack-test
  sinatra
  thin
  uglifier
